GIT
  remote: git://github.com/kumocast/kumocast_cli.git
  revision: 33793057c77b1823b38baf71d79f3fa2d23819ea
  specs:
    kumocast_cli (0.0.1)

GEM
  specs:

PLATFORMS
  ruby

DEPENDENCIES
  kumocast_cli!

BUNDLED WITH
   1.10.6
